NUGET
  remote: http://nuget.org/api/v2
  specs:
    canopy (0.9.34)
      FSharp.Core (>= 3.0.2)
      Selenium.Support (2.47.0)
      Selenium.WebDriver (2.47.0)
      SizSelCsZzz (0.3.36.0)
    FSharp.Core (4.0.0.1)
    FsPickler (1.4.0)
    Fuchu (0.6.0)
    Newtonsoft.Json (7.0.1)
    OpenCvSharp3-AnyCPU (3.0.0.20150823)
    Selenium.Support (2.47.0)
      Selenium.WebDriver (>= 2.47.0)
    Selenium.WebDriver (2.47.0)
    SizSelCsZzz (0.3.36.0)
      Newtonsoft.Json (>= 6.0)
      Selenium.Support (>= 2.40)
      Selenium.WebDriver (>= 2.40)
    Suave (0.31.2)
      FSharp.Core (>= 3.1.2.5)
      FsPickler (>= 1.2.5)
    Unquote (3.0.0)
